PATH
  remote: .
  specs:
    southy (0.1)
      nokogiri

GEM
  remote: http://rubygems.org/
  specs:
    addressable (2.2.6)
    factory_girl (2.0.5)
    launchy (2.0.5)
      addressable (~> 2.2.6)
    nokogiri (1.5.0)

PLATFORMS
  ruby

DEPENDENCIES
  factory_girl
  launchy
  southy!
