PATH
  remote: .
  specs:
    southy (1.0.1)
      nokogiri
      pdfkit
      tzinfo

GEM
  remote: http://rubygems.org/
  specs:
    addressable (2.2.6)
    factory_girl (2.0.5)
    launchy (2.0.5)
      addressable (~> 2.2.6)
    minitest (2.5.1)
    nokogiri (1.5.0)
    pdfkit (0.5.2)
    rake (0.8.7)
    timecop (0.3.5)
    tzinfo (0.3.31)

PLATFORMS
  ruby

DEPENDENCIES
  factory_girl
  launchy
  minitest
  rake
  southy!
  timecop
