PATH
  remote: .
  specs:
    southy (1.2)
      eventmachine
      faye-websocket
      json
      slack-ruby-client
      tzinfo

GEM
  remote: http://rubygems.org/
  specs:
    addressable (2.2.6)
    coderay (1.1.0)
    columnize (0.8.9)
    debugger (1.6.8)
      columnize (>= 0.3.1)
      debugger-linecache (~> 1.2.0)
      debugger-ruby_core_source (~> 1.3.5)
    debugger-linecache (1.2.0)
    debugger-ruby_core_source (1.3.5)
    eventmachine (1.0.8)
    factory_girl (2.0.5)
    faraday (0.9.2)
      multipart-post (>= 1.2, < 3)
    faraday_middleware (0.10.0)
      faraday (>= 0.7.4, < 0.10)
    faye-websocket (0.10.2)
      eventmachine (>= 0.12.0)
      websocket-driver (>= 0.5.1)
    gli (2.13.4)
    json (1.8.3)
    launchy (2.0.5)
      addressable (~> 2.2.6)
    method_source (0.8.2)
    minitest (2.5.1)
    multipart-post (2.0.0)
    pry (0.10.1)
      coderay (~> 1.1.0)
      method_source (~> 0.8.1)
      slop (~> 3.4)
    pry-debugger (0.2.3)
      debugger (~> 1.3)
      pry (>= 0.9.10, < 0.11.0)
    rake (0.8.7)
    slack-ruby-client (0.5.1)
      faraday
      faraday_middleware
      gli
      json
      websocket-driver
    slop (3.6.0)
    thread_safe (0.3.5)
    timecop (0.3.5)
    tzinfo (1.2.2)
      thread_safe (~> 0.1)
    websocket-driver (0.6.3)
      websocket-extensions (>= 0.1.0)
    websocket-extensions (0.1.2)

PLATFORMS
  ruby

DEPENDENCIES
  factory_girl
  launchy
  minitest
  pry-debugger
  rake
  southy!
  timecop
