PATH
  remote: .
  specs:
    southy (1.1)
      json
      nokogiri
      pdfkit
      tzinfo
      xmpp4r

GEM
  remote: http://rubygems.org/
  specs:
    addressable (2.2.6)
    coderay (1.1.0)
    columnize (0.8.9)
    debugger (1.6.8)
      columnize (>= 0.3.1)
      debugger-linecache (~> 1.2.0)
      debugger-ruby_core_source (~> 1.3.5)
    debugger-linecache (1.2.0)
    debugger-ruby_core_source (1.3.5)
    factory_girl (2.0.5)
    json (1.8.0)
    launchy (2.0.5)
      addressable (~> 2.2.6)
    method_source (0.8.2)
    minitest (2.5.1)
    nokogiri (1.5.5)
    pdfkit (0.5.2)
    pry (0.10.1)
      coderay (~> 1.1.0)
      method_source (~> 0.8.1)
      slop (~> 3.4)
    pry-debugger (0.2.3)
      debugger (~> 1.3)
      pry (>= 0.9.10, < 0.11.0)
    rake (0.8.7)
    slop (3.6.0)
    timecop (0.3.5)
    tzinfo (0.3.38)
    xmpp4r (0.5)

PLATFORMS
  ruby

DEPENDENCIES
  factory_girl
  launchy
  minitest
  pry-debugger
  rake
  southy!
  timecop
